GEM
  remote: https://rubygems.org/
  specs:
    chunky_png (1.3.1)
    coffee (0.0.5)
      httparty
      json_pure
      thor
    compass (0.12.7)
      chunky_png (~> 1.2)
      fssm (>= 0.2.7)
      sass (~> 3.2.19)
    fssm (0.2.10)
    httparty (0.13.1)
      json (~> 1.8)
      multi_xml (>= 0.5.2)
    json (1.8.1)
    json_pure (1.8.1)
    multi_xml (0.5.5)
    sass (3.2.19)
    thor (0.19.1)

PLATFORMS
  ruby

DEPENDENCIES
  coffee
  compass
  sass
